GEM
  remote: https://rubygems.org/
  specs:
    activesupport (5.0.0.1)
      concurrent-ruby (~> 1.0, >= 1.0.2)
      i18n (~> 0.7)
      minitest (~> 5.1)
      tzinfo (~> 1.1)
    concurrent-ruby (1.0.2)
    couchrest (2.0.0)
      httpclient (~> 2.8)
      mime-types (>= 1.15)
      multi_json (~> 1.7)
    curb (0.9.3)
    domain_name (0.5.20161129)
      unf (>= 0.0.5, < 1.0.0)
    fuzzy_match (2.1.0)
    http-cookie (1.0.3)
      domain_name (~> 0.5)
    httpclient (2.8.2.4)
    i18n (0.7.0)
    mime-types (3.1)
      mime-types-data (~> 3.2015)
    mime-types-data (3.2016.0521)
    minitest (5.10.1)
    multi_json (1.12.1)
    netrc (0.11.0)
    rack (1.6.5)
    rack-protection (1.5.3)
      rack
    rest-client (2.0.0)
      http-cookie (>= 1.0.2, < 2.0)
      mime-types (>= 1.16, < 4.0)
      netrc (~> 0.8)
    shotgun (0.9.2)
      rack (>= 1.0)
    sinatra (1.4.7)
      rack (~> 1.5)
      rack-protection (~> 1.4)
      tilt (>= 1.3, < 3)
    sinatra-cross_origin (0.3.2)
    thread_safe (0.3.5)
    tilt (2.0.5)
    tzinfo (1.2.2)
      thread_safe (~> 0.1)
    unf (0.1.4)
      unf_ext
    unf_ext (0.0.7.2)

PLATFORMS
  ruby

DEPENDENCIES
  activesupport
  couchrest
  curb
  fuzzy_match
  rack (< 2.0)
  rest-client
  shotgun
  sinatra
  sinatra-cross_origin (~> 0.3.1)

BUNDLED WITH
   1.13.6
